PATH
  remote: .
  specs:
    localresolv (1.0.0)
      rubydns

GEM
  remote: https://rubygems.org/
  specs:
    eventmachine (1.0.3)
    rainbow (1.1.4)
    rexec (1.5.1)
      rainbow
    rubydns (0.6.3)
      eventmachine (~> 1.0.0)
      rexec (~> 1.5.1)

PLATFORMS
  ruby

DEPENDENCIES
  localresolv!
